GEM
  remote: https://rubygems.org/
  specs:
    addressable (2.5.0)
      public_suffix (~> 2.0, >= 2.0.2)
    archive-zip (0.7.0)
      io-like (~> 0.3.0)
    ast (2.3.0)
    builder (3.2.3)
    capybara (2.12.0)
      addressable
      mime-types (>= 1.16)
      nokogiri (>= 1.3.3)
      rack (>= 1.0.0)
      rack-test (>= 0.5.4)
      xpath (~> 2.0)
    capybara-screenshot (1.0.14)
      capybara (>= 1.0, < 3)
      launchy
    childprocess (0.6.1)
      ffi (~> 1.0, >= 1.0.11)
    chromedriver-helper (1.0.0)
      archive-zip (~> 0.7.0)
      nokogiri (~> 1.6)
    clipboard (1.1.1)
    cliver (0.3.2)
    cnpj_utils (1.0.1)
    cpf_faker (1.3.0)
      clipboard
    cucumber (2.4.0)
      builder (>= 2.1.2)
      cucumber-core (~> 1.5.0)
      cucumber-wire (~> 0.0.1)
      diff-lcs (>= 1.1.3)
      gherkin (~> 4.0)
      multi_json (>= 1.7.5, < 2.0)
      multi_test (>= 0.1.2)
    cucumber-core (1.5.0)
      gherkin (~> 4.0)
    cucumber-wire (0.0.1)
    cucumber_analytics (1.5.2)
      gherkin
      json (~> 1.0)
      multi_json (~> 1.0)
    diff-lcs (1.3)
    faker (1.7.3)
      i18n (~> 0.5)
    ffi (1.9.17-x64-mingw32)
    gherkin (4.0.0)
    i18n (0.8.0)
    io-like (0.3.0)
    json (1.8.6)
    launchy (2.4.3)
      addressable (~> 2.3)
    mime-types (3.1)
      mime-types-data (~> 3.2015)
    mime-types-data (3.2016.0521)
    mini_portile2 (2.1.0)
    multi_json (1.12.1)
    multi_test (0.1.2)
    nokogiri (1.7.0.1-x64-mingw32)
      mini_portile2 (~> 2.1.0)
    parser (2.3.2.0)
      ast (~> 2.2)
    poltergeist (1.11.0)
      capybara (~> 2.1)
      cliver (~> 0.3.1)
      websocket-driver (>= 0.2.0)
    powerpack (0.1.1)
    public_suffix (2.0.5)
    rack (2.0.1)
    rack-test (0.6.3)
      rack (>= 1.0)
    rainbow (2.1.0)
    rake (11.3.0)
    rspec (3.5.0)
      rspec-core (~> 3.5.0)
      rspec-expectations (~> 3.5.0)
      rspec-mocks (~> 3.5.0)
    rspec-core (3.5.4)
      rspec-support (~> 3.5.0)
    rspec-expectations (3.5.0)
      diff-lcs (>= 1.2.0, < 2.0)
      rspec-support (~> 3.5.0)
    rspec-mocks (3.5.0)
      diff-lcs (>= 1.2.0, < 2.0)
      rspec-support (~> 3.5.0)
    rspec-support (3.5.0)
    rubocop (0.45.0)
      parser (>= 2.3.1.1, < 3.0)
      powerpack (~> 0.1)
      rainbow (>= 1.99.1, < 3.0)
      ruby-progressbar (~> 1.7)
      unicode-display_width (~> 1.0, >= 1.0.1)
    ruby-progressbar (1.8.1)
    rubyzip (1.2.1)
    selenium-webdriver (3.0.8)
      childprocess (~> 0.5)
      rubyzip (~> 1.0)
      websocket (~> 1.0)
    site_prism (2.9)
      addressable (>= 2.3.3, < 3.0)
      capybara (>= 2.1, < 3.0)
    syntax (1.2.1)
    unicode-display_width (1.1.1)
    websocket (1.2.4)
    websocket-driver (0.6.4)
      websocket-extensions (>= 0.1.0)
    websocket-extensions (0.1.2)
    xpath (2.0.0)
      nokogiri (~> 1.3)

PLATFORMS
  x64-mingw32

DEPENDENCIES
  capybara
  capybara-screenshot (~> 1.0, >= 1.0.14)
  chromedriver-helper
  cnpj_utils
  cpf_faker
  cucumber
  cucumber_analytics
  faker
  ffi
  poltergeist
  rake
  rspec
  rubocop
  selenium-webdriver
  site_prism
  syntax

BUNDLED WITH
   1.14.5
